GEM
  remote: https://rubygems.org/
  specs:
    sass (3.4.22)
    sass-tumblr (0.3.0)
      sass (~> 3.4.22)

PLATFORMS
  ruby

DEPENDENCIES
  sass-tumblr!

BUNDLED WITH
   1.12.5
